GEM
  remote: https://rubygems.org/
  specs:
    coffee-script (2.2.0)
      coffee-script-source
      execjs
    coffee-script-source (1.6.3)
    execjs (2.0.1)
    sass (3.2.10)

PLATFORMS
  ruby

DEPENDENCIES
  coffee-script
  sass
